PATH
  remote: .
  specs:
    caco (0.1.0)
      activemodel
      activesupport
      cells (~> 4.1)
      cells-erb (~> 0.1)
      config
      down (~> 5.4)
      hiera-eyaml
      http (~> 5.2)
      marcel
      ruby-augeas
      sorbet-static-and-runtime
      trailblazer (~> 2.1)
      trailblazer-cells
      zeitwerk

GEM
  remote: https://rubygems.org/
  specs:
    activemodel (7.1.4)
      activesupport (= 7.1.4)
    activesupport (7.1.4)
      base64
      bigdecimal
      concurrent-ruby (~> 1.0, >= 1.0.2)
      connection_pool (>= 2.2.5)
      drb
      i18n (>= 1.6, < 2)
      minitest (>= 5.1)
      mutex_m
      tzinfo (~> 2.0)
    addressable (2.8.7)
      public_suffix (>= 2.0.2, < 7.0)
    ansi (1.5.0)
    ast (2.4.2)
    base64 (0.2.0)
    bigdecimal (3.1.8)
    builder (3.3.0)
    byebug (11.1.3)
    cells (4.1.7)
      declarative-builder (< 0.2.0)
      declarative-option (< 0.2.0)
      tilt (>= 1.4, < 3)
      uber (< 0.2.0)
    cells-erb (0.1.0)
      cells (~> 4.0)
      erbse (>= 0.1.1)
    coderay (1.1.3)
    concurrent-ruby (1.3.4)
    config (5.5.1)
      deep_merge (~> 1.2, >= 1.2.1)
    connection_pool (2.4.1)
    crack (1.0.0)
      bigdecimal
      rexml
    declarative (0.0.20)
    declarative-builder (0.1.0)
      declarative-option (< 0.2.0)
    declarative-option (0.1.0)
    deep_merge (1.2.2)
    diff-lcs (1.5.1)
    disposable (0.6.3)
      declarative (>= 0.0.9, < 1.0.0)
      representable (>= 3.1.1, < 4)
    domain_name (0.6.20240107)
    down (5.4.2)
      addressable (~> 2.8)
    drb (2.2.1)
    erbse (0.1.4)
      temple
    fakefs (2.5.0)
    ffi (1.17.0)
    ffi-compiler (1.3.2)
      ffi (>= 1.15.5)
      rake
    formatador (1.1.0)
    guard (2.18.1)
      formatador (>= 0.2.4)
      listen (>= 2.7, < 4.0)
      lumberjack (>= 1.0.12, < 2.0)
      nenv (~> 0.1)
      notiffany (~> 0.0)
      pry (>= 0.13.0)
      shellany (~> 0.0)
      thor (>= 0.18.1)
    guard-compat (1.2.1)
    guard-minitest (2.4.6)
      guard-compat (~> 1.2)
      minitest (>= 3.0)
    guard-sorbet (0.5.0)
      guard (~> 2.0)
      guard-compat (~> 1.0)
      sorbet (~> 0.5.0)
      sorbet-runtime (~> 0.5.0)
    hashdiff (1.1.1)
    hashie (5.0.0)
    hiera-eyaml (4.1.0)
      highline (~> 2.1)
      optimist (~> 3.1)
    highline (2.1.0)
    hirb (0.7.3)
    http (5.2.0)
      addressable (~> 2.8)
      base64 (~> 0.1)
      http-cookie (~> 1.0)
      http-form_data (~> 2.2)
      llhttp-ffi (~> 0.5.0)
    http-cookie (1.0.7)
      domain_name (~> 0.5)
    http-form_data (2.3.0)
    i18n (1.14.5)
      concurrent-ruby (~> 1.0)
    listen (3.9.0)
      rb-fsevent (~> 0.10, >= 0.10.3)
      rb-inotify (~> 0.9, >= 0.9.10)
    llhttp-ffi (0.5.0)
      ffi-compiler (~> 1.0)
      rake (~> 13.0)
    lumberjack (1.2.10)
    marcel (1.0.4)
    method_source (1.1.0)
    minitest (5.25.1)
    minitest-reporters (1.7.1)
      ansi
      builder
      minitest (>= 5.0)
      ruby-progressbar
    mutex_m (0.2.0)
    nenv (0.3.0)
    netrc (0.11.0)
    notiffany (0.1.3)
      nenv (~> 0.1)
      shellany (~> 0.0)
    optimist (3.1.0)
    parallel (1.26.3)
    parser (3.3.5.0)
      ast (~> 2.4.1)
      racc
    pry (0.14.2)
      coderay (~> 1.1)
      method_source (~> 1.0)
    pry-byebug (3.10.1)
      byebug (~> 11.0)
      pry (>= 0.13, < 0.15)
    public_suffix (5.1.1)
    racc (1.8.1)
    rake (13.2.1)
    rb-fsevent (0.11.2)
    rb-inotify (0.11.1)
      ffi (~> 1.0)
    rbi (0.0.17)
      ast
      parser (>= 3.0.0)
      sorbet-runtime (>= 0.5.9204)
      unparser (>= 0.5.6)
    reform (2.6.2)
      disposable (>= 0.5.0, < 1.0.0)
      representable (>= 3.1.1, < 4)
      uber (< 0.2.0)
    representable (3.2.0)
      declarative (< 0.1.0)
      trailblazer-option (>= 0.1.1, < 0.2.0)
      uber (< 0.2.0)
    rexml (3.3.7)
    ruby-augeas (0.6.0)
    ruby-progressbar (1.13.0)
    shellany (0.0.1)
    sorbet (0.5.11558)
      sorbet-static (= 0.5.11558)
    sorbet-runtime (0.5.11558)
    sorbet-static (0.5.11558-universal-darwin)
    sorbet-static (0.5.11558-x86_64-linux)
    sorbet-static-and-runtime (0.5.11558)
      sorbet (= 0.5.11558)
      sorbet-runtime (= 0.5.11558)
    spoom (1.2.1)
      sorbet (>= 0.5.10187)
      sorbet-runtime (>= 0.5.9204)
      thor (>= 0.19.2)
    tapioca (0.11.8)
      bundler (>= 2.2.25)
      netrc (>= 0.11.0)
      parallel (>= 1.21.0)
      rbi (~> 0.0.0, >= 0.0.16)
      sorbet-static-and-runtime (>= 0.5.10187)
      spoom (~> 1.2.0, >= 1.2.0)
      thor (>= 1.2.0)
      yard-sorbet
    temple (0.10.3)
    thor (1.3.2)
    tilt (2.4.0)
    trailblazer (2.1.3)
      trailblazer-activity-dsl-linear (>= 1.2.3, < 1.3.0)
      trailblazer-developer (>= 0.1.0, < 0.2.0)
      trailblazer-macro (>= 2.1.15, < 2.2.0)
      trailblazer-macro-contract (>= 2.1.4, < 2.2.0)
      trailblazer-operation (>= 0.9.0, < 1.0.0)
    trailblazer-activity (0.16.2)
      trailblazer-context (~> 0.5.0)
      trailblazer-option (~> 0.1.0)
    trailblazer-activity-dsl-linear (1.2.5)
      trailblazer-activity (>= 0.16.0, < 0.17.0)
      trailblazer-declarative (>= 0.0.1, < 0.1.0)
    trailblazer-cells (0.0.3)
      cells (>= 4.1.0.rc1, < 5.0.0)
    trailblazer-context (0.5.1)
      hashie (>= 3.0.0)
    trailblazer-declarative (0.0.2)
    trailblazer-developer (0.1.0)
      hirb
      trailblazer-activity-dsl-linear (>= 1.2.0, < 1.3.0)
    trailblazer-macro (2.1.16)
      trailblazer-activity-dsl-linear (>= 1.2.0, < 1.3.0)
      trailblazer-operation (>= 0.10.1)
    trailblazer-macro-contract (2.1.5)
      reform (>= 2.2.0, < 3.0.0)
      trailblazer-activity-dsl-linear (>= 1.2.0, < 1.3.0)
    trailblazer-operation (0.10.1)
      trailblazer-activity-dsl-linear (>= 1.2.0, < 1.4.0)
      trailblazer-developer (>= 0.1.0, < 0.2.0)
    trailblazer-option (0.1.2)
    tzinfo (2.0.6)
      concurrent-ruby (~> 1.0)
    uber (0.1.0)
    unparser (0.6.10)
      diff-lcs (~> 1.3)
      parser (>= 3.2.2.4)
    webmock (3.23.1)
      addressable (>= 2.8.0)
      crack (>= 0.3.2)
      hashdiff (>= 0.4.0, < 2.0.0)
    yard (0.9.37)
    yard-sorbet (0.8.1)
      sorbet-runtime (>= 0.5)
      yard (>= 0.9)
    zeitwerk (2.6.18)

PLATFORMS
  x86_64-darwin-21
  x86_64-darwin-23
  x86_64-linux

DEPENDENCIES
  bundler (~> 2.0)
  caco!
  fakefs
  guard
  guard-minitest
  guard-sorbet
  minitest (~> 5.25)
  minitest-reporters
  pry
  pry-byebug
  rake (~> 13.2)
  tapioca
  trailblazer-developer
  webmock

BUNDLED WITH
   2.4.10
